GEM
  remote: https://rubygems.org/
  specs:
    activesupport (4.2.10)
      i18n (~> 0.7)
      minitest (~> 5.1)
      thread_safe (~> 0.3, >= 0.3.4)
      tzinfo (~> 1.1)
    addressable (2.5.2)
      public_suffix (>= 2.0.2, < 4.0)
    autoparse (0.3.3)
      addressable (>= 2.3.1)
      extlib (>= 0.9.15)
      multi_json (>= 1.0.0)
    concurrent-ruby (1.0.5)
    dotenv (2.5.0)
    extlib (0.9.16)
    faraday (0.15.2)
      multipart-post (>= 1.2, < 3)
    google-api-client (0.8.7)
      activesupport (>= 3.2, < 5.0)
      addressable (~> 2.3)
      autoparse (~> 0.3)
      extlib (~> 0.9)
      faraday (~> 0.9)
      googleauth (~> 0.3)
      launchy (~> 2.4)
      multi_json (~> 1.10)
      retriable (~> 1.4)
      signet (~> 0.6)
    googleauth (0.6.2)
      faraday (~> 0.12)
      jwt (>= 1.4, < 3.0)
      logging (~> 2.0)
      memoist (~> 0.12)
      multi_json (~> 1.11)
      os (~> 0.9)
      signet (~> 0.7)
    i18n (0.9.5)
      concurrent-ruby (~> 1.0)
    jwt (2.1.0)
    launchy (2.4.3)
      addressable (~> 2.3)
    little-plugger (1.1.4)
    logging (2.2.2)
      little-plugger (~> 1.1)
      multi_json (~> 1.10)
    memoist (0.16.0)
    minitest (5.11.3)
    multi_json (1.13.1)
    multipart-post (2.0.0)
    os (0.9.6)
    public_suffix (3.0.2)
    retriable (1.4.1)
    signet (0.8.1)
      addressable (~> 2.3)
      faraday (~> 0.9)
      jwt (>= 1.5, < 3.0)
      multi_json (~> 1.10)
    thread_safe (0.3.6)
    trollop (2.1.2)
    tzinfo (1.2.5)
      thread_safe (~> 0.1)

PLATFORMS
  ruby

DEPENDENCIES
  dotenv
  google-api-client (< 0.9)
  trollop (~> 2.1)

BUNDLED WITH
   1.16.2
